GEM
  remote: https://rubygems.org/
  specs:
    adsf (1.2.0)
      rack (>= 1.0.0)
    colored (1.2)
    cri (2.6.1)
      colored (~> 1.2)
    haml (4.0.5)
      tilt
    kramdown (1.4.2)
    nanoc (3.7.3)
      cri (~> 2.3)
    rack (1.5.2)
    tilt (2.0.1)

PLATFORMS
  ruby

DEPENDENCIES
  adsf
  haml
  kramdown
  nanoc
